FRAMEWORK: >= NET461
NUGET
  remote: http://api.nuget.org/v3/index.json
  specs:
    FSharp.Core (4.0.0.1)
    Suave (1.0.0)
      FSharp.Core (>= 3.1.2.5)
